GEM
  remote: http://rubygems.org/
  specs:
    addressable (2.3.3)
    byebug (9.0.6)
    capybara (1.1.2)
      mime-types (>= 1.16)
      nokogiri (>= 1.3.3)
      rack (>= 1.0.0)
      rack-test (>= 0.5.4)
      selenium-webdriver (~> 2.0)
      xpath (~> 0.1.4)
    childprocess (0.3.8)
      ffi (~> 1.0, >= 1.0.11)
    coderay (1.1.1)
    diff-lcs (1.1.3)
    faraday (0.12.2)
      multipart-post (>= 1.2, < 3)
    ffi (1.4.0)
    i18n (0.6.0)
    jwt (1.5.6)
    launchy (2.1.2)
      addressable (~> 2.3)
    mail (2.4.4)
      i18n (>= 0.4.0)
      mime-types (~> 1.16)
      treetop (~> 1.4.8)
    method_source (0.8.2)
    mime-types (1.19)
    money (3.7.1)
      i18n (~> 0.4)
    multi_json (1.15.0)
    multi_xml (0.6.0)
    multipart-post (2.0.0)
    mustermann (3.0.0)
      ruby2_keywords (~> 0.0.1)
    nokogiri (1.5.5)
    oauth2 (1.4.0)
      faraday (>= 0.8, < 0.13)
      jwt (~> 1.0)
      multi_json (~> 1.3)
      multi_xml (~> 0.5)
      rack (>= 1.2, < 3)
    pg (0.20.0)
    polyglot (0.3.3)
    pony (1.4)
      mail (> 2.0)
    pry (0.10.4)
      coderay (~> 1.1.0)
      method_source (~> 0.8.1)
      slop (~> 3.4)
    pry-byebug (3.4.2)
      byebug (~> 9.0)
      pry (~> 0.10)
    puma (3.8.2)
    rack (2.2.4)
    rack-protection (3.0.4)
      rack
    rack-test (2.0.2)
      rack (>= 1.3)
    rspec (2.11.0)
      rspec-core (~> 2.11.0)
      rspec-expectations (~> 2.11.0)
      rspec-mocks (~> 2.11.0)
    rspec-core (2.11.1)
    rspec-expectations (2.11.2)
      diff-lcs (~> 1.1.3)
    rspec-mocks (2.11.2)
    ruby-ole (1.2.12.1)
    ruby2_keywords (0.0.5)
    rubyzip (0.9.9)
    sass (3.2.1)
    selenium-webdriver (2.29.0)
      childprocess (>= 0.2.5)
      multi_json (~> 1.0)
      rubyzip
      websocket (~> 1.0.4)
    shotgun (0.9)
      rack (>= 1.0)
    sinatra (3.0.4)
      mustermann (~> 3.0)
      rack (~> 2.2, >= 2.2.4)
      rack-protection (= 3.0.4)
      tilt (~> 2.0)
    sinatra-contrib (3.0.4)
      multi_json
      mustermann (~> 3.0)
      rack-protection (= 3.0.4)
      sinatra (= 3.0.4)
      tilt (~> 2.0)
    slop (3.6.0)
    spreadsheet (1.1.5)
      ruby-ole (>= 1.0)
    tilt (2.0.6)
    treetop (1.4.10)
      polyglot
      polyglot (>= 0.3.1)
    websocket (1.0.7)
    xpath (0.1.4)
      nokogiri (~> 1.3)

PLATFORMS
  ruby

DEPENDENCIES
  addressable
  capybara
  launchy
  money (= 3.7.1)
  nokogiri
  oauth2
  pg
  pony
  pry-byebug
  puma
  rspec
  ruby-ole (~> 1.2, >= 1.2.12)
  sass
  shotgun
  sinatra (~> 3.0.4)
  sinatra-contrib
  spreadsheet
  tilt

BUNDLED WITH
   1.14.6
