GEM
  remote: http://rubygems.org/
  specs:
    addressable (2.3.3)
    backports (3.6.8)
    byebug (9.0.6)
    capybara (1.1.2)
      mime-types (>= 1.16)
      nokogiri (>= 1.3.3)
      rack (>= 1.0.0)
      rack-test (>= 0.5.4)
      selenium-webdriver (~> 2.0)
      xpath (~> 0.1.4)
    childprocess (0.3.8)
      ffi (~> 1.0, >= 1.0.11)
    coderay (1.1.1)
    concurrent-ruby (1.1.5)
    diff-lcs (1.1.3)
    faraday (0.12.2)
      multipart-post (>= 1.2, < 3)
    ffi (1.4.0)
    i18n (0.9.5)
      concurrent-ruby (~> 1.0)
    jwt (1.5.6)
    launchy (2.1.2)
      addressable (~> 2.3)
    mail (2.7.1)
      mini_mime (>= 0.1.1)
    method_source (0.8.2)
    mime-types (3.3)
      mime-types-data (~> 3.2015)
    mime-types-data (3.2019.1009)
    mini_mime (1.0.2)
    money (3.7.1)
      i18n (~> 0.4)
    multi_json (1.6.1)
    multi_xml (0.6.0)
    multipart-post (2.0.0)
    nokogiri (1.5.5)
    oauth2 (1.4.0)
      faraday (>= 0.8, < 0.13)
      jwt (~> 1.0)
      multi_json (~> 1.3)
      multi_xml (~> 0.5)
      rack (>= 1.2, < 3)
    pg (0.20.0)
    pony (1.4)
      mail (> 2.0)
    pry (0.10.4)
      coderay (~> 1.1.0)
      method_source (~> 0.8.1)
      slop (~> 3.4)
    pry-byebug (3.4.2)
      byebug (~> 9.0)
      pry (~> 0.10)
    puma (3.8.2)
    rack (1.6.5)
    rack-protection (1.5.3)
      rack
    rack-test (0.6.1)
      rack (>= 1.0)
    rspec (2.11.0)
      rspec-core (~> 2.11.0)
      rspec-expectations (~> 2.11.0)
      rspec-mocks (~> 2.11.0)
    rspec-core (2.11.1)
    rspec-expectations (2.11.2)
      diff-lcs (~> 1.1.3)
    rspec-mocks (2.11.2)
    ruby-ole (1.2.12.1)
    rubyzip (0.9.9)
    sass (3.2.1)
    selenium-webdriver (2.29.0)
      childprocess (>= 0.2.5)
      multi_json (~> 1.0)
      rubyzip
      websocket (~> 1.0.4)
    shotgun (0.9)
      rack (>= 1.0)
    sinatra (1.4.8)
      rack (~> 1.5)
      rack-protection (~> 1.4)
      tilt (>= 1.3, < 3)
    sinatra-contrib (1.4.7)
      backports (>= 2.0)
      multi_json
      rack-protection
      rack-test
      sinatra (~> 1.4.0)
      tilt (>= 1.3, < 3)
    slop (3.6.0)
    spreadsheet (1.1.5)
      ruby-ole (>= 1.0)
    tilt (2.0.6)
    websocket (1.0.7)
    xpath (0.1.4)
      nokogiri (~> 1.3)

PLATFORMS
  ruby

DEPENDENCIES
  addressable
  capybara
  launchy
  money (= 3.7.1)
  nokogiri
  oauth2
  pg
  pony
  pry-byebug
  puma
  rspec
  ruby-ole (~> 1.2, >= 1.2.12)
  sass
  shotgun
  sinatra (~> 1.4.0)
  sinatra-contrib
  spreadsheet
  tilt

BUNDLED WITH
   1.14.6
